PATH
  remote: .
  specs:
    eshop (0.1.0)
      faraday (~> 1.0)
      iri (~> 0.5)

GEM
  remote: https://rubygems.org/
  specs:
    faraday (1.0.1)
      multipart-post (>= 1.2, < 3)
    iri (0.5.0)
    minitest (5.14.1)
    multipart-post (2.1.1)
    rake (12.3.3)

PLATFORMS
  ruby

DEPENDENCIES
  eshop!
  minitest (~> 5.0)
  rake (~> 12.0)

BUNDLED WITH
   2.1.4
